PATH
  remote: /mydev/curriculous
  specs:
    curriculous (0.0.1.alpha)
      nanoc

GEM
  remote: http://rubygems.org/
  specs:
    colored (1.2)
    cri (2.4.0)
      colored (>= 1.2)
    nanoc (3.6.4)
      cri (~> 2.3)

PLATFORMS
  ruby

DEPENDENCIES
  curriculous!
  nanoc
